PATH
  remote: .
  specs:
    dxw_govuk_frontend_rails (2.12.0)

GEM
  remote: https://rubygems.org/
  specs:
    rake (10.5.0)

PLATFORMS
  ruby

DEPENDENCIES
  bundler (~> 2.0)
  dxw_govuk_frontend_rails!
  rake (~> 10.0)

BUNDLED WITH
   2.0.1
