PATH
  remote: .
  specs:
    dxw_govuk_frontend_rails (3.14.0)

GEM
  remote: https://rubygems.org/
  specs:
    rake (13.0.1)

PLATFORMS
  ruby
  x86_64-darwin-19

DEPENDENCIES
  bundler (~> 2.0)
  dxw_govuk_frontend_rails!
  rake (~> 13.0)

BUNDLED WITH
   2.2.24
